PATH
  remote: .
  specs:
    central_logger (0.4.0beta4)
      activesupport (>= 3.2.6)
      mongoid (~> 3.0.1)

GEM
  remote: http://rubygems.org/
  specs:
    activemodel (3.2.6)
      activesupport (= 3.2.6)
      builder (~> 3.0.0)
    activesupport (3.2.6)
      i18n (~> 0.6)
      multi_json (~> 1.0)
    builder (3.0.4)
    i18n (0.6.0)
    metaclass (0.0.1)
    mocha (0.12.0)
      metaclass (~> 0.0.1)
    mongoid (3.0.14)
      activemodel (~> 3.1)
      moped (~> 1.1)
      origin (~> 1.0)
      tzinfo (~> 0.3.22)
    moped (1.3.1)
    multi_json (1.3.6)
    origin (1.0.11)
    rake (0.9.2.2)
    shoulda (3.1.0)
      shoulda-context (~> 1.0)
      shoulda-matchers (~> 1.2)
    shoulda-context (1.0.0)
    shoulda-matchers (1.2.0)
      activesupport (>= 3.0.0)
    tzinfo (0.3.35)

PLATFORMS
  ruby

DEPENDENCIES
  bundler (>= 1.1.4)
  central_logger!
  i18n
  mocha
  rake (>= 0.9.2.2)
  shoulda
